GEM
  remote: https://rubygems.org/
  specs:
    nio4r (2.5.8)
    puma (6.0.2)
      nio4r (~> 2.0)

PLATFORMS
  arm64-darwin-22

DEPENDENCIES
  puma (~> 6.0.0)

RUBY VERSION
   ruby 3.2.1p31

BUNDLED WITH
   2.4.6
